GEM
  remote: https://rubygems.org/
  specs:
    json_pure (2.2.0)
    mustermann (1.0.3)
    puma (3.12.1)
    rack (2.0.7)
    rack-protection (2.0.5)
      rack
    sinatra (2.0.5)
      mustermann (~> 1.0)
      rack (~> 2.0)
      rack-protection (= 2.0.5)
      tilt (~> 2.0)
    tilt (2.0.9)

PLATFORMS
  ruby

DEPENDENCIES
  json_pure
  puma
  sinatra

BUNDLED WITH
   2.1.4
